GEM
  remote: https://rubygems.org/
  specs:
    CFPropertyList (2.3.5)
    activesupport (4.2.8)
      i18n (~> 0.7)
      minitest (~> 5.1)
      thread_safe (~> 0.3, >= 0.3.4)
      tzinfo (~> 1.1)
    claide (1.0.1)
    clamp (0.6.5)
    colored2 (3.1.2)
    dotenv (2.2.1)
    i18n (0.8.1)
    jazzy (0.0.14)
      activesupport (~> 4.1)
      mustache (~> 0.99)
      nokogiri (~> 1.6)
      redcarpet (~> 3.2)
      sass (~> 3.4)
    mini_portile2 (2.1.0)
    minitest (5.10.2)
    mustache (0.99.8)
    nanaimo (0.2.3)
    nokogiri (1.7.2)
      mini_portile2 (~> 2.1.0)
    redcarpet (3.4.0)
    rouge (2.0.7)
    sass (3.4.23)
    slather (2.4.1)
      CFPropertyList (~> 2.2)
      activesupport (>= 4.0.2, < 5)
      clamp (~> 0.6)
      nokogiri (~> 1.6)
      xcodeproj (~> 1.4)
    thread_safe (0.3.6)
    tzinfo (1.2.3)
      thread_safe (~> 0.1)
    xcodeproj (1.4.4)
      CFPropertyList (~> 2.3.3)
      claide (>= 1.0.1, < 2.0)
      colored2 (~> 3.1)
      nanaimo (~> 0.2.3)
    xcpretty (0.2.8)
      rouge (~> 2.0.7)

PLATFORMS
  ruby

DEPENDENCIES
  dotenv
  jazzy
  slather (~> 2.1)
  xcpretty

BUNDLED WITH
   1.14.6
